PATH
  remote: .
  specs:
    transparency_data (0.0.4)
      hashie (~> 0.2.0)
      monster_mash (~> 0.1.0)
      rake

GEM
  remote: http://www.rubygems.org/
  specs:
    activesupport (4.2.0)
      i18n (~> 0.7)
      json (~> 1.7, >= 1.7.7)
      minitest (~> 5.1)
      thread_safe (~> 0.3, >= 0.3.4)
      tzinfo (~> 1.1)
    coderay (1.1.0)
    ethon (0.7.3)
      ffi (>= 1.3.0)
    faraday (0.8.0)
      multipart-post (~> 1.1)
    ffi (1.9.7)
    hashie (0.2.2)
    i18n (0.7.0)
    jnunemaker-matchy (0.4.0)
    json (1.8.2)
    metaclass (0.0.4)
    method_source (0.8.2)
    mg (0.0.8)
      rake
    minitest (5.5.1)
    mocha (1.1.0)
      metaclass (~> 0.0.1)
    monster_mash (0.1.4)
      typhoeus (>= 0.1.25)
    multipart-post (1.2.0)
    pry (0.10.1)
      coderay (~> 1.1.0)
      method_source (~> 0.8.1)
      slop (~> 3.4)
    rake (10.4.2)
    shoulda (3.5.0)
      shoulda-context (~> 1.0, >= 1.0.1)
      shoulda-matchers (>= 1.4.1, < 3.0)
    shoulda-context (1.2.1)
    shoulda-matchers (2.8.0)
      activesupport (>= 3.0.0)
    slop (3.6.0)
    thread_safe (0.3.5)
    typhoeus (0.7.1)
      ethon (>= 0.7.1)
    tzinfo (1.2.2)
      thread_safe (~> 0.1)
    vcr (2.9.3)
    yard (0.8.7.6)

PLATFORMS
  ruby

DEPENDENCIES
  faraday (= 0.8)
  jnunemaker-matchy (= 0.4.0)
  mg (>= 0.0.8)
  mocha (>= 0.9.8)
  pry
  shoulda (>= 2.10.1)
  transparency_data!
  vcr (>= 0.4.1)
  yard
